FRAMEWORK: >= NET462
NUGET
  remote: https://www.nuget.org/api/v2
    canopy (1.2)
      FSharp.Core (>= 3.0.2)
      Selenium.WebDriver (>= 3.3)
    FSharp.Core (4.1.0.2)
      System.ValueTuple (>= 4.3)
    Selenium.WebDriver (3.3)
    System.ValueTuple (4.3)
